PATH
  remote: .
  specs:
    just_xiangqi (0.1.0)
      board_game_grid (~> 0.1.9)

GEM
  remote: https://rubygems.org/
  specs:
    board_game_grid (0.1.9)
    minitest (5.14.4)
    rake (13.0.3)

PLATFORMS
  ruby

DEPENDENCIES
  bundler (~> 2.1.4)
  just_xiangqi!
  minitest (~> 5.14.0)
  rake (~> 13.0.1)

BUNDLED WITH
   2.1.4
